GEM
  remote: http://rubygems.org/
  specs:
    activesupport (3.2.1)
      i18n (~> 0.6)
      multi_json (~> 1.0)
    appraisal (0.4.1)
      bundler
      rake
    diff-lcs (1.1.3)
    git (1.2.5)
    i18n (0.6.0)
    jeweler (1.8.3)
      bundler (~> 1.0)
      git (>= 1.2.5)
      rake
      rdoc
    json (1.7.1)
    linguistics (1.0.9)
    multi_json (1.1.0)
    prawn (0.6.1)
      prawn-core (>= 0.6.1, < 0.7)
      prawn-format (>= 0.2.2, < 0.3)
      prawn-layout (>= 0.3.1, < 0.4)
      prawn-security (>= 0.1.1, < 0.2)
    prawn-core (0.6.3)
    prawn-format (0.2.3)
      prawn-core
    prawn-layout (0.3.2)
    prawn-security (0.1.1)
    rake (0.9.2.2)
    rdoc (3.12)
      json (~> 1.4)
    rspec (2.8.0)
      rspec-core (~> 2.8.0)
      rspec-expectations (~> 2.8.0)
      rspec-mocks (~> 2.8.0)
    rspec-core (2.8.0)
    rspec-expectations (2.8.0)
      diff-lcs (~> 1.1.2)
    rspec-mocks (2.8.0)

PLATFORMS
  ruby

DEPENDENCIES
  activesupport
  appraisal
  bundler (~> 1.1.0)
  jeweler (~> 1.8.3)
  linguistics
  prawn
  rake
  rdoc (~> 3.12)
  rspec (~> 2.8.0)
